GEM
  remote: https://rubygems.org/
  specs:
    coderay (1.1.0)
    method_source (0.8.2)
    pry (0.10.1)
      coderay (~> 1.1.0)
      method_source (~> 0.8.1)
      slop (~> 3.4)
    slop (3.6.0)
    timecop (0.7.3)
    yard (0.8.7.6)

PLATFORMS
  ruby

DEPENDENCIES
  pry
  timecop
  yard
