GEM
  remote: https://rubygems.org/
  specs:
    addressable (2.3.8)
    ast (2.1.0)
    astrolabe (1.3.1)
      parser (~> 2.2)
    byebug (5.0.0)
      columnize (= 0.9.0)
    coderay (1.1.0)
    colorize (0.7.7)
    columnize (0.9.0)
    faraday (0.9.1)
      multipart-post (>= 1.2, < 3)
    fasterer (0.1.11)
      colorize (~> 0.7)
      ruby_parser (~> 3.6)
    gitlab (3.4.0)
      httparty
      terminal-table
    httparty (0.13.7)
      json (~> 1.8)
      multi_xml (>= 0.5.2)
    json (1.8.3)
    method_source (0.8.2)
    minitest (5.8.1)
    multi_xml (0.5.5)
    multipart-post (2.0.0)
    octokit (4.1.1)
      sawyer (~> 0.6.0, >= 0.5.3)
    parser (2.2.2.6)
      ast (>= 1.1, < 3.0)
    poper (0.1.2)
      rugged (~> 0.23.0)
      thor (~> 0.19.0)
    powerpack (0.1.1)
    pronto (0.4.3)
      gitlab (~> 3.4.0)
      octokit (~> 4.1.0)
      rugged (~> 0.23.0)
      thor (~> 0.19.0)
    pronto-fasterer (0.4.0)
      fasterer (~> 0.1.11)
      pronto (~> 0.4.0)
    pronto-poper (0.4.1)
      poper (~> 0.1.0)
      pronto (~> 0.4.0)
    pronto-rubocop (0.4.6)
      pronto (~> 0.4.0)
      rubocop (~> 0.34.0)
    pry (0.10.2)
      coderay (~> 1.1.0)
      method_source (~> 0.8.1)
      slop (~> 3.4)
    pry-byebug (3.2.0)
      byebug (~> 5.0)
      pry (~> 0.10)
    rainbow (2.0.0)
    rubocop (0.34.2)
      astrolabe (~> 1.3)
      parser (>= 2.2.2.5, < 3.0)
      powerpack (~> 0.1)
      rainbow (>= 1.99.1, < 3.0)
      ruby-progressbar (~> 1.4)
    ruby-progressbar (1.7.5)
    ruby_parser (3.7.1)
      sexp_processor (~> 4.1)
    rugged (0.23.2)
    sawyer (0.6.0)
      addressable (~> 2.3.5)
      faraday (~> 0.8, < 0.10)
    sexp_processor (4.6.0)
    slop (3.6.0)
    terminal-table (1.5.2)
    thor (0.19.1)
    timecop (0.8.0)
    yard (0.8.7.6)

PLATFORMS
  ruby

DEPENDENCIES
  minitest
  pronto
  pronto-fasterer
  pronto-poper
  pronto-rubocop
  pry
  pry-byebug
  timecop
  yard

BUNDLED WITH
   1.10.6
